PATH
  remote: .
  specs:
    jekyll-cloud-image (0.1.0)

GEM
  remote: https://rubygems.org/
  specs:
    ffi (1.16.3)
    image_processing (1.12.2)
      mini_magick (>= 4.9.5, < 5)
      ruby-vips (>= 2.0.17, < 3)
    mini_magick (4.12.0)
    rake (10.5.0)
    ruby-vips (2.2.1)
      ffi (~> 1.12)

PLATFORMS
  arm64-darwin-23
  ruby

DEPENDENCIES
  bundler (~> 2.5.6)
  image_processing (~> 1.0)
  jekyll-cloud-image!
  rake (~> 10.0)
  ruby-vips

BUNDLED WITH
   2.5.6
